GEM
  remote: https://rubygems.org/
  specs:
    oauth (0.5.4)
    twurl (0.9.5)
      oauth (~> 0.4)

PLATFORMS
  x64-mingw32

DEPENDENCIES
  twurl

BUNDLED WITH
   2.1.3
